GEM
  remote: https://rubygems.org/
  specs:
    aws (2.8.0)
      http_connection
      uuidtools
      xml-simple
    classifier (1.3.3)
      fast-stemmer (>= 1.0.0)
    colorator (0.1)
    commander (4.1.5)
      highline (~> 1.6.11)
    commonjs (0.2.7)
    directory_watcher (1.4.1)
    fast-stemmer (1.0.2)
    highline (1.6.19)
    http_connection (1.4.4)
    jekyll (1.2.1)
      classifier (~> 1.3)
      colorator (~> 0.1)
      commander (~> 4.1.3)
      directory_watcher (~> 1.4.1)
      liquid (~> 2.5.2)
      maruku (~> 0.5)
      pygments.rb (~> 0.5.0)
      redcarpet (~> 2.3.0)
      safe_yaml (~> 0.7.0)
    less (2.4.0)
      commonjs (~> 0.2.7)
    libv8 (3.16.14.3)
    liquid (2.5.3)
    maruku (0.7.0)
    mime-types (1.25)
    posix-spawn (0.3.6)
    proxifier (1.0.3)
    pygments.rb (0.5.2)
      posix-spawn (~> 0.3.6)
      yajl-ruby (~> 1.1.0)
    redcarpet (2.3.0)
    ref (1.0.5)
    s3cmd (1.1.0)
      aws (~> 2.8.0)
      mime-types (~> 1.22)
      proxifier (~> 1.0.3)
      thor (~> 0.18.1)
    safe_yaml (0.7.1)
    therubyracer (0.12.0)
      libv8 (~> 3.16.14.0)
      ref
    thor (0.18.1)
    uuidtools (2.1.4)
    xml-simple (1.1.2)
    yajl-ruby (1.1.0)

PLATFORMS
  ruby

DEPENDENCIES
  jekyll
  less
  s3cmd
  therubyracer
