GEM
  remote: https://rubygems.org/
  specs:
    aws-sdk (1.8.5)
      json (~> 1.4)
      nokogiri (>= 1.4.4)
      uuidtools (~> 2.1)
    classifier (1.3.3)
      fast-stemmer (>= 1.0.0)
    colorator (0.1)
    colored (1.2)
    commander (4.1.5)
      highline (~> 1.6.11)
    commonjs (0.2.7)
    configure-s3-website (1.5.0)
      deep_merge (= 1.0.0)
    css_press (0.3.2)
      csspool-st (= 3.1.2)
      json
    csspool-st (3.1.2)
    deep_merge (1.0.0)
    directory_watcher (1.4.1)
    erubis (2.7.0)
    execjs (2.0.2)
    fast-stemmer (1.0.2)
    filey-diff (1.4.2)
    highline (1.6.19)
    html_press (0.8.2)
      htmlentities
      multi_css (>= 0.1.0)
      multi_js (>= 0.1.0)
    htmlentities (4.3.1)
    jekyll (1.2.1)
      classifier (~> 1.3)
      colorator (~> 0.1)
      commander (~> 4.1.3)
      directory_watcher (~> 1.4.1)
      liquid (~> 2.5.2)
      maruku (~> 0.5)
      pygments.rb (~> 0.5.0)
      redcarpet (~> 2.3.0)
      safe_yaml (~> 0.7.0)
    jekyll-press (0.2.1)
      html_press (>= 0.8.2)
      jekyll
      multi_css (>= 0.1.0)
      multi_js (>= 0.1.0)
    json (1.8.0)
    less (2.4.0)
      commonjs (~> 0.2.7)
    libv8 (3.16.14.3)
    liquid (2.5.3)
    maruku (0.7.0)
    mime-types (1.19)
    mini_portile (0.5.1)
    multi_css (0.1.0)
      css_press
    multi_js (0.1.0)
      uglifier (~> 2)
    multi_json (1.8.2)
    nokogiri (1.6.0)
      mini_portile (~> 0.5.0)
    posix-spawn (0.3.6)
    pygments.rb (0.5.2)
      posix-spawn (~> 0.3.6)
      yajl-ruby (~> 1.1.0)
    rack (1.5.2)
    rack-protection (1.5.0)
      rack
    redcarpet (2.3.0)
    ref (1.0.5)
    s3_website (1.4.5)
      aws-sdk (~> 1.8.5)
      configure-s3-website (~> 1)
      erubis (~> 2.7.0)
      filey-diff (~> 1.4.2)
      mime-types (= 1.19)
      simple-cloudfront-invalidator (~> 1)
      thor (= 0.18.1)
    safe_yaml (0.7.1)
    simple-cloudfront-invalidator (1.0.1)
      colored (= 1.2)
    sinatra (1.4.3)
      rack (~> 1.4)
      rack-protection (~> 1.4)
      tilt (~> 1.3, >= 1.3.4)
    therubyracer (0.12.0)
      libv8 (~> 3.16.14.0)
      ref
    thor (0.18.1)
    tilt (1.4.1)
    uglifier (2.2.1)
      execjs (>= 0.3.0)
      multi_json (~> 1.0, >= 1.0.2)
    uuidtools (2.1.4)
    yajl-ruby (1.1.0)

PLATFORMS
  ruby

DEPENDENCIES
  jekyll
  jekyll-press
  json
  less
  s3_website
  sinatra
  therubyracer
